PATH
  remote: .
  specs:
    factory_girl_generator (0.0.3)

GEM
  remote: http://rubygems.org/
  specs:

PLATFORMS
  ruby

DEPENDENCIES
  factory_girl_generator!
